GEM
  remote: https://rubygems.org/
  specs:
    json (1.8.1)
    newrelic_rpm (3.9.5.251)
    rack (1.5.2)
    rack-protection (1.5.3)
      rack
    sinatra (1.4.5)
      rack (~> 1.4)
      rack-protection (~> 1.4)
      tilt (~> 1.3, >= 1.3.4)
    slackbotsy (0.2.1)
      json
      sinatra
    tilt (1.4.1)

PLATFORMS
  ruby

DEPENDENCIES
  newrelic_rpm (~> 3.9.5.251)
  sinatra (~> 1.4.5)
  slackbotsy (~> 0.2.1)
