GEM
  remote: https://rubygems.org/
  specs:
    addressable (2.3.8)
    awesome_print (1.6.1)
    buftok (0.2.0)
    coderay (1.1.0)
    diff-lcs (1.2.5)
    equalizer (0.0.11)
    faraday (0.9.1)
      multipart-post (>= 1.2, < 3)
    foreman (0.78.0)
      thor (~> 0.19.1)
    http (0.6.4)
      http_parser.rb (~> 0.6.0)
    http_parser.rb (0.6.0)
    icalendar (2.3.0)
    json (1.8.3)
    memoizable (0.4.2)
      thread_safe (~> 0.3, >= 0.3.1)
    method_source (0.8.2)
    mini_portile (0.6.2)
    multipart-post (2.0.0)
    naught (1.0.0)
    newrelic_rpm (3.13.0.299)
    nokogiri (1.6.6.2)
      mini_portile (~> 0.6.0)
    opengraph_parser (0.2.3)
      addressable
      nokogiri
    pry (0.10.1)
      coderay (~> 1.1.0)
      method_source (~> 0.8.1)
      slop (~> 3.4)
    puma (2.12.3)
    rack (1.6.4)
    rack-protection (1.5.3)
      rack
    redis (3.2.1)
    rspec (3.3.0)
      rspec-core (~> 3.3.0)
      rspec-expectations (~> 3.3.0)
      rspec-mocks (~> 3.3.0)
    rspec-core (3.3.2)
      rspec-support (~> 3.3.0)
    rspec-expectations (3.3.1)
      diff-lcs (>= 1.2.0, < 2.0)
      rspec-support (~> 3.3.0)
    rspec-mocks (3.3.2)
      diff-lcs (>= 1.2.0, < 2.0)
      rspec-support (~> 3.3.0)
    rspec-support (3.3.0)
    shotgun (0.9.1)
      rack (>= 1.0)
    simple_oauth (0.3.1)
    sinatra (1.4.6)
      rack (~> 1.4)
      rack-protection (~> 1.4)
      tilt (>= 1.3, < 3)
    slop (3.6.0)
    thor (0.19.1)
    thread_safe (0.3.5)
    tilt (2.0.1)
    twitter (5.14.0)
      addressable (~> 2.3)
      buftok (~> 0.2.0)
      equalizer (~> 0.0.9)
      faraday (~> 0.9.0)
      http (~> 0.6.0)
      http_parser.rb (~> 0.6.0)
      json (~> 1.8)
      memoizable (~> 0.4.0)
      naught (~> 1.0)
      simple_oauth (~> 0.3.0)

PLATFORMS
  ruby

DEPENDENCIES
  awesome_print
  faraday
  foreman
  icalendar
  newrelic_rpm
  nokogiri
  opengraph_parser
  pry
  puma
  redis
  rspec
  shotgun
  sinatra
  twitter

BUNDLED WITH
   1.10.6
